GEM
  specs:
    mini_portile2 (2.4.0)
    nokogiri (1.10.4-x64-mingw32)
      mini_portile2 (~> 2.4.0)

PLATFORMS
  x64-mingw32

DEPENDENCIES
  nokogiri

BUNDLED WITH
   1.17.2
